FRAMEWORK: NET45
NUGET
  remote: https://www.nuget.org/api/v2
  specs:
    Baseline (0.5.0.7)
    CommonServiceLocator (1.3)
    etcetera (0.6)
      RestSharp (>= 104.4)
    FAKE (4.25.4)
    Faker (1.2)
    FluentValidation (6.2.1)
    Geo (0.14.1)
    Hashids.net (1.1.2)
    JWT (1.3.4)
    log4net (2.0.5)
    Marten (0.8.9.322)
      Npgsql (>= 3.0.3 < 3.1)
    Microsoft.AspNet.Cors (5.2.3)
    Microsoft.AspNet.Mvc (5.2.3)
      Microsoft.AspNet.Razor (>= 3.2.3 < 3.3)
      Microsoft.AspNet.WebPages (>= 3.2.3 < 3.3)
    Microsoft.AspNet.Razor (3.2.3)
    Microsoft.AspNet.WebApi (5.2.3)
      Microsoft.AspNet.WebApi.WebHost (>= 5.2.3 < 5.3)
    Microsoft.AspNet.WebApi.Client (5.2.3)
      Newtonsoft.Json (>= 6.0.4)
    Microsoft.AspNet.WebApi.Core (5.2.3)
      Microsoft.AspNet.WebApi.Client (>= 5.2.3)
    Microsoft.AspNet.WebApi.Cors (5.2.3)
      Microsoft.AspNet.Cors (>= 5.2.3)
      Microsoft.AspNet.WebApi.Core (>= 5.2.3 < 5.3)
    Microsoft.AspNet.WebApi.Owin (5.2.3)
      Microsoft.AspNet.WebApi.Core (>= 5.2.3 < 5.3)
      Microsoft.Owin (>= 2.0.2)
      Owin (>= 1.0)
    Microsoft.AspNet.WebApi.OwinSelfHost (5.2.3)
      Microsoft.AspNet.WebApi.Owin (>= 5.2.3 < 5.3)
      Microsoft.Owin.Host.HttpListener (>= 2.0.2)
      Microsoft.Owin.Hosting (>= 2.0.2)
    Microsoft.AspNet.WebApi.SelfHost (5.2.3)
      Microsoft.AspNet.WebApi.Core (>= 5.2.3 < 5.3)
    Microsoft.AspNet.WebApi.WebHost (5.2.3)
      Microsoft.AspNet.WebApi.Core (>= 5.2.3 < 5.3)
    Microsoft.AspNet.WebPages (3.2.3)
      Microsoft.AspNet.Razor (>= 3.2.3 < 3.3)
      Microsoft.Web.Infrastructure (>= 1.0)
    Microsoft.Bcl (1.1.10)
      Microsoft.Bcl.Build (>= 1.0.14)
    Microsoft.Bcl.Build (1.0.21) - import_targets: false
    Microsoft.CodeAnalysis.Analyzers (1.1)
    Microsoft.CodeAnalysis.Common (1.2.1)
      Microsoft.CodeAnalysis.Analyzers (>= 1.1)
      System.Collections.Immutable (>= 1.1.37)
      System.Reflection.Metadata (>= 1.2)
    Microsoft.CodeAnalysis.CSharp (1.2.1)
      Microsoft.CodeAnalysis.Common (1.2.1)
    Microsoft.Net.Http (2.2.29)
      Microsoft.Bcl (>= 1.1.10)
      Microsoft.Bcl.Build (>= 1.0.14)
    Microsoft.Owin (3.0.1)
      Owin (>= 1.0)
    Microsoft.Owin.Diagnostics (3.0.1)
      Microsoft.Owin (>= 3.0.1)
      Owin (>= 1.0)
    Microsoft.Owin.Host.HttpListener (3.0.1)
    Microsoft.Owin.Hosting (3.0.1)
      Microsoft.Owin (>= 3.0.1)
      Owin (>= 1.0)
    Microsoft.Owin.SelfHost (3.0.1)
      Microsoft.Owin (>= 3.0.1)
      Microsoft.Owin.Diagnostics (>= 3.0.1)
      Microsoft.Owin.Host.HttpListener (>= 3.0.1)
      Microsoft.Owin.Hosting (>= 3.0.1)
      Owin (>= 1.0)
    Microsoft.Web.Infrastructure (1.0)
    morelinq (1.4)
    Newtonsoft.Json (8.0.3)
    Npgsql (3.0.5)
    NSubstitute (1.10)
    NUnit (3.2)
    NUnit.Console (3.2.0.1)
      NUnit.ConsoleRunner (3.2)
      NUnit.Extension.NUnitProjectLoader (3.2)
      NUnit.Extension.NUnitV2Driver (3.2)
      NUnit.Extension.NUnitV2ResultWriter (3.2)
      NUnit.Extension.VSProjectLoader (3.2)
    NUnit.ConsoleRunner (3.2)
    NUnit.Extension.NUnitProjectLoader (3.2)
    NUnit.Extension.NUnitV2Driver (3.2)
    NUnit.Extension.NUnitV2ResultWriter (3.2)
    NUnit.Extension.VSProjectLoader (3.2)
    Owin (1.0)
    Polly (4.2)
    prometheus-net (1.1)
      protobuf-net (>= 2.0.0.668)
      Rx-Core (>= 2.2.5)
      Rx-Interfaces (>= 2.2.5)
    protobuf-net (2.0.0.668)
    PusherServer (3.0)
      RestSharp (>= 105.0.1)
    RabbitMQ.Client (3.6.1)
    RavenDB.Client (3.0.30115) - content: none
    RavenDB.Database (3.0.30115) - content: none
      RavenDB.Client (3.0.30115)
    Remotion.Linq (2.0.2)
    RestSharp (105.2.3)
    Rx-Core (2.2.5)
      Rx-Interfaces (>= 2.2.5)
    Rx-Interfaces (2.2.5)
    Serilog (1.5.14)
    Serilog.Sinks.Seq (1.5.36)
      Serilog (>= 1.5.10)
    Shouldly (2.7)
    structuremap (4.1.3.394)
    Swashbuckle (5.3.2)
      Microsoft.AspNet.WebApi.WebHost (>= 4.0.20710)
      Swashbuckle.Core (>= 5.3.2)
      WebActivatorEx
    Swashbuckle.Core (5.3.2)
      Microsoft.AspNet.WebApi.Core (>= 4.0.20710)
    System.Collections.Immutable (1.1.37)
    System.Reflection.Metadata (1.2)
      System.Collections.Immutable (>= 1.1.37)
    Topshelf (3.3.1)
    WebActivatorEx (2.1)
      Microsoft.Web.Infrastructure (>= 1.0)
