REDIRECTS: ON
CONTENT: NONE
FRAMEWORK: NET461
NUGET
  remote: http://api.nuget.org/v3/index.json
  specs:
    CommonServiceLocator (1.3.0)
    FluentValidation (6.2.1)
    HangFire (1.5.3) - framework: >= net461
      HangFire.Core (1.5.3)
      HangFire.SqlServer (1.5.3)
      Microsoft.Owin.Host.SystemWeb (>= 3.0.0)
    HangFire.Core (1.5.3) - framework: >= net461
      Newtonsoft.Json (>= 5.0.0)
      Owin (>= 1.0)
    HangFire.SqlServer (1.5.3) - framework: >= net461
      HangFire.Core (1.5.3)
    Hangfire.StructureMap3 (1.5.3) - framework: >= net461
      HangFire.Core (>= 1.5.3)
      structuremap (>= 3.1.6.186)
    log4net (2.0.5)
    logentries.core (2.8.0) - framework: >= net461
      Microsoft.WindowsAzure.ConfigurationManager (>= 3.1.0)
    logentries.log4net (2.8.0) - framework: >= net461
      log4net
      logentries.core (>= 2.8.0)
    Microsoft.CodeDom.Providers.DotNetCompilerPlatform (1.0.1) - framework: >= net461
      Microsoft.Net.Compilers (>= 1.0.0)
    Microsoft.Net.Compilers (1.1.1) - framework: >= net461
    Microsoft.Owin (3.0.1) - framework: >= net461
      Owin (>= 1.0)
    Microsoft.Owin.Host.SystemWeb (3.0.1) - framework: >= net461
      Microsoft.Owin (>= 3.0.1)
      Owin (>= 1.0)
    Microsoft.Web.Infrastructure (1.0.0)
    Microsoft.WindowsAzure.ConfigurationManager (3.1.0) - framework: >= net461
    morelinq (1.4.0)
    Newtonsoft.Json (8.0.2)
    NUnit (3.0.1) - framework: >= net461
    OctopusTools (3.3.7)
    Owin (1.0) - framework: >= net461
    Paramore.Brighter.CommandProcessor (5.0.323) - framework: >= net461
      Newtonsoft.Json (>= 6.0.8)
      Polly (>= 2.2.3)
    Polly (2.2.3) - framework: >= net461
    RabbitMQ.Client (3.6.1)
    RestSharp (105.2.3)
    structuremap (4.0.1.318)
  remote: http://packages.wylesight.ws/api/odata
  specs:
    FAKE (4.21.4)
    JWT (1.3.4)
    Microsoft.AspNet.WebApi (5.2.3)
      Microsoft.AspNet.WebApi.WebHost (>= 5.2.3 < 5.3.0)
    Microsoft.AspNet.WebApi.Client (5.2.3)
      Newtonsoft.Json (>= 6.0.4)
    Microsoft.AspNet.WebApi.Core (5.2.3)
      Microsoft.AspNet.WebApi.Client (>= 5.2.3)
    Microsoft.AspNet.WebApi.SelfHost (5.2.3)
      Microsoft.AspNet.WebApi.Core (>= 5.2.3 < 5.3.0)
    Microsoft.AspNet.WebApi.WebHost (5.2.3)
      Microsoft.AspNet.WebApi.Core (>= 5.2.3 < 5.3.0)
    NLog (4.2.3)
    RavenDB.Client (3.0.30037)
    RavenDB.Database (3.0.30037)
      RavenDB.Client (3.0.30037)
    Serilog (1.5.14)
    Serilog.Sinks.Seq (1.5.36)
      Serilog (>= 1.5.10)
    SerilogWeb.Owin (1.0.1)
      Microsoft.Owin (>= 2.1.0)
      Owin (>= 1.0)
      Serilog (>= 1.4.204)
    Shouldly (2.6.0)
