CONTENT: NONE
FRAMEWORK: NET461
NUGET
  remote: http://api.nuget.org/v3/index.json
  specs:
    Antlr (3.5.0.2)
    CommonServiceLocator (1.3)
    FAKE (4.21.4)
    Faker (1.2.0)
    FluentValidation (6.2.1)
    Geo (0.14.0)
    JWT (1.3.4)
    log4net (2.0.5)
    Microsoft.AspNet.Mvc (5.2.3)
      Microsoft.AspNet.Razor (>= 3.2.3 < 3.3.0)
      Microsoft.AspNet.WebPages (>= 3.2.3 < 3.3.0)
    Microsoft.AspNet.Razor (3.2.3)
    Microsoft.AspNet.WebApi (5.2.3)
      Microsoft.AspNet.WebApi.WebHost (>= 5.2.3 < 5.3.0)
    Microsoft.AspNet.WebApi.Client (5.2.3)
      Newtonsoft.Json (>= 6.0.4)
    Microsoft.AspNet.WebApi.Core (5.2.3)
      Microsoft.AspNet.WebApi.Client (>= 5.2.3)
    Microsoft.AspNet.WebApi.Owin (5.2.3)
      Microsoft.AspNet.WebApi.Core (>= 5.2.3 < 5.3.0)
      Microsoft.Owin (>= 2.0.2)
      Owin (>= 1.0)
    Microsoft.AspNet.WebApi.SelfHost (5.2.3)
      Microsoft.AspNet.WebApi.Core (>= 5.2.3 < 5.3.0)
    Microsoft.AspNet.WebApi.WebHost (5.2.3)
      Microsoft.AspNet.WebApi.Core (>= 5.2.3 < 5.3.0)
    Microsoft.AspNet.WebPages (3.2.3)
      Microsoft.AspNet.Razor (>= 3.2.3 < 3.3.0)
      Microsoft.Web.Infrastructure (>= 1.0.0.0)
    Microsoft.CodeDom.Providers.DotNetCompilerPlatform (1.0.1)
      Microsoft.Net.Compilers (>= 1.0.0)
    Microsoft.Net.Compilers (1.1.1)
    Microsoft.Owin (3.0.1)
      Owin (>= 1.0)
    Microsoft.Owin.Host.HttpListener (3.0.1)
    Microsoft.Owin.Host.SystemWeb (3.0.1)
      Microsoft.Owin (>= 3.0.1)
      Owin (>= 1.0)
    Microsoft.Owin.Hosting (3.0.1)
      Microsoft.Owin (>= 3.0.1)
      Owin (>= 1.0)
    Microsoft.Web.Infrastructure (1.0.0)
    Newtonsoft.Json (8.0.2)
    NLog (4.2.3)
    NLog.Config (4.2.3)
      NLog (>= 4.2.3)
      NLog.Schema (>= 4.0)
    NLog.Schema (4.2.3)
    NLog.Targets.Syslog (2.1.5893.18660)
      NLog (>= 4.2.2)
    NUnit (3.2.0)
    NUnit.Console (3.2.0.1)
      NUnit.ConsoleRunner (3.2.0)
      NUnit.Extension.NUnitProjectLoader (3.2.0)
      NUnit.Extension.NUnitV2Driver (3.2.0)
      NUnit.Extension.NUnitV2ResultWriter (3.2.0)
      NUnit.Extension.VSProjectLoader (3.2.0)
    NUnit.ConsoleRunner (3.2.0)
    NUnit.Extension.NUnitProjectLoader (3.2.0)
    NUnit.Extension.NUnitV2Driver (3.2.0)
    NUnit.Extension.NUnitV2ResultWriter (3.2.0)
    NUnit.Extension.VSProjectLoader (3.2.0)
    OctoPack (3.0.60)
    OctopusTools (3.3.8)
    Owin (1.0.0)
    Polly (4.0.0)
    RabbitMQ.Client (3.6.1)
    RavenDB.Client (3.0.30037)
    RavenDB.Database (3.0.30037)
      RavenDB.Client (3.0.30037)
    RestSharp (105.2.3)
    Shouldly (2.6.0)
    structuremap (4.1.0.361)
    WebActivatorEx (2.1.0)
      Microsoft.Web.Infrastructure (>= 1.0.0.0)
