CONTENT: NONE
FRAMEWORK: NET461
NUGET
  remote: http://api.nuget.org/v3/index.json
  specs:
    CommonServiceLocator (1.3.0)
    FAKE (4.21.4)
    Faker (1.2.0)
    FluentValidation (6.1.0)
    Microsoft.Web.Infrastructure (1.0.0)
    Microsoft.WindowsAzure.ConfigurationManager (3.2.1)
    NLog.Targets.Syslog (2.1.5889.34458)
      NLog (>= 4.2.2)
    NSubstitute (1.9.2)
    Polly (3.0.0)
    WindowsAzure.ServiceBus (3.1.3)
      Microsoft.WindowsAzure.ConfigurationManager (>= 3.1.0)
  remote: http://packages.wylesight.ws/api/odata
  specs:
    Geo (0.14.0)
    JWT (1.3.4)
    LibLog (4.2.4)
    Microsoft.AspNet.WebApi (5.2.3)
      Microsoft.AspNet.WebApi.WebHost (>= 5.2.3 < 5.3.0)
    Microsoft.AspNet.WebApi.Client (5.2.3)
      Newtonsoft.Json (>= 6.0.4)
    Microsoft.AspNet.WebApi.Core (5.2.3)
      Microsoft.AspNet.WebApi.Client (>= 5.2.3)
    Microsoft.AspNet.WebApi.SelfHost (5.2.3)
      Microsoft.AspNet.WebApi.Core (>= 5.2.3 < 5.3.0)
    Microsoft.AspNet.WebApi.WebHost (5.2.3)
      Microsoft.AspNet.WebApi.Core (>= 5.2.3 < 5.3.0)
    Newtonsoft.Json (8.0.2)
    NLog (4.2.3)
    NUnit (3.0.1)
    NUnit.Console (3.0.1)
    RabbitMQ.Client (3.6.0)
    RavenDB.Client (3.0.30037)
    RavenDB.Database (3.0.30037)
      RavenDB.Client (3.0.30037)
    RestSharp (105.2.3)
    Shouldly (2.6.0)
    structuremap (4.0.1.318)
