REDIRECTS: ON
CONTENT: NONE
FRAMEWORK: NET461
NUGET
  remote: http://api.nuget.org/v3/index.json
  specs:
    CommonServiceLocator (1.3.0)
    Faker (1.2.0)
    FluentValidation (6.2.0)
    Microsoft.AspNet.Mvc (5.2.3) - framework: >= net461
      Microsoft.AspNet.Razor (>= 3.2.3 < 3.3.0)
      Microsoft.AspNet.WebPages (>= 3.2.3 < 3.3.0)
    Microsoft.AspNet.Razor (3.2.3) - framework: >= net461
    Microsoft.AspNet.WebApi.Client (5.2.3) - framework: >= net461
      Newtonsoft.Json (>= 6.0.4)
    Microsoft.AspNet.WebApi.Core (5.2.3) - framework: >= net461
      Microsoft.AspNet.WebApi.Client (>= 5.2.3)
    Microsoft.AspNet.WebApi.WebHost (5.2.3) - framework: >= net461
      Microsoft.AspNet.WebApi.Core (>= 5.2.3 < 5.3.0)
    Microsoft.CodeDom.Providers.DotNetCompilerPlatform (1.0.0)
      Microsoft.Net.Compilers (>= 1.0.0)
    Microsoft.Net.Compilers (1.1.1) - framework: >= net461
    Microsoft.Owin (3.0.1) - framework: >= net461
      Owin (>= 1.0)
    Microsoft.Owin.Host.SystemWeb (3.0.1) - framework: >= net461
      Microsoft.Owin (>= 3.0.1)
      Owin (>= 1.0)
    Microsoft.Web.Infrastructure (1.0.0) - framework: >= net461
    Newtonsoft.Json (6.0.4) - framework: >= net461
    OctopusTools (3.3.7)
    Owin (1.0.0)
    Polly (3.0.0)
  remote: http://packages.wylesight.ws/api/odata
  specs:
    FAKE (4.21.4)
    Geo (0.14.0)
    JWT (1.3.4)
    log4net (2.0.5)
    Microsoft.AspNet.Identity.Core (2.2.1)
    Microsoft.AspNet.WebApi (5.2.3)
      Microsoft.AspNet.WebApi.WebHost (>= 5.2.3 < 5.3.0)
    Microsoft.AspNet.WebApi.SelfHost (5.2.3)
      Microsoft.AspNet.WebApi.Core (>= 5.2.3 < 5.3.0)
    Microsoft.AspNet.WebPages (3.2.3)
      Microsoft.AspNet.Razor (>= 3.2.3 < 3.3.0)
      Microsoft.Web.Infrastructure (>= 1.0.0.0)
    NLog (4.2.3)
    NLog.Schema (4.2.3)
    NLog.Targets.Syslog (2.1.5893.18660)
      NLog (>= 4.2.2)
    NUnit (3.0.1)
    NUnit.Console (3.0.1)
    OctoPack (3.0.53)
    RabbitMQ.Client (3.6.0)
    RavenDB.Client (3.0.30037)
    RavenDB.Database (3.0.30037)
      RavenDB.Client (3.0.30037)
    RestSharp (105.2.3)
    Shouldly (2.6.0)
    structuremap (4.0.1.318)
    Topshelf (3.3.1)
    WebActivatorEx (2.1.0)
      Microsoft.Web.Infrastructure (>= 1.0.0.0)
