FRAMEWORK: >= NET461
NUGET
  remote: http://api.nuget.org/v3/index.json
  specs:
    CommonServiceLocator (1.3)
    Faker (1.2)
    FluentValidation (6.1.0)
    Geo (0.14.0)
    log4net (2.0.5)
    Microsoft.AspNet.Mvc (5.2.3)
      Microsoft.AspNet.Razor (>= 3.2.3 < 3.3.0)
      Microsoft.AspNet.WebPages (>= 3.2.3 < 3.3.0)
    Microsoft.AspNet.Razor (3.2.3)
    Microsoft.AspNet.WebApi (5.2.3)
      Microsoft.AspNet.WebApi.WebHost (>= 5.2.3 < 5.3.0)
    Microsoft.AspNet.WebApi.Client (5.2.3)
      Newtonsoft.Json (>= 6.0.4)
    Microsoft.AspNet.WebApi.Core (5.2.3)
      Microsoft.AspNet.WebApi.Client (>= 5.2.3)
    Microsoft.AspNet.WebApi.HelpPage (5.2.3)
      Microsoft.AspNet.Mvc (>= 5.2.3 < 5.3.0)
      Microsoft.AspNet.Razor (>= 3.2.3 < 3.3.0)
      Microsoft.AspNet.WebApi.WebHost (>= 5.2.3 < 5.3.0)
    Microsoft.AspNet.WebApi.Owin (5.2.3)
      Microsoft.AspNet.WebApi.Core (>= 5.2.3 < 5.3.0)
      Microsoft.Owin (>= 2.0.2)
      Owin (>= 1.0)
    Microsoft.AspNet.WebApi.WebHost (5.2.3)
      Microsoft.AspNet.WebApi.Core (>= 5.2.3 < 5.3.0)
    Microsoft.AspNet.WebPages (3.2.3)
      Microsoft.AspNet.Razor (>= 3.2.3 < 3.3.0)
      Microsoft.Web.Infrastructure (>= 1.0.0.0)
    Microsoft.CodeDom.Providers.DotNetCompilerPlatform (1.0.1)
      Microsoft.Net.Compilers (>= 1.0.0)
    Microsoft.Net.Compilers (1.1.1)
    Microsoft.Owin (3.0.1)
      Owin (>= 1.0)
    Microsoft.Owin.Host.SystemWeb (3.0.1)
      Microsoft.Owin (>= 3.0.1)
      Owin (>= 1.0)
    Microsoft.Web.Infrastructure (1.0.0)
    Newtonsoft.Json (8.0.2)
    NLog (4.2.3)
    NUnit (3.0.1)
    NUnit.Console (3.0.1)
    Owin (1.0)
    Paramore.Brighter.CommandProcessor (5.0.323)
      Newtonsoft.Json (>= 6.0.8)
      Polly (>= 2.2.3)
    Polly (3.0.0)
    PusherServer (2.1.1)
      RestSharp (>= 105.0.1)
    RavenDB.Client (3.0.30037)
    RestSharp (105.2.3)
    Shouldly (2.6.0)
    structuremap (4.0.1.318)
    StructureMap.MVC5 (3.0.4.125)
      CommonServiceLocator (>= 1.3.0)
      structuremap.web (>= 3.0.0.108)
      WebActivatorEx (>= 2.0.5)
    structuremap.web (3.0.0.108)
      structuremap (>= 3.0.0)
    StructureMap.WebApi2 (3.0.4.125)
      StructureMap.MVC5 (>= 3.0.4.125)
    WebActivatorEx (2.1.0)
      Microsoft.Web.Infrastructure (>= 1.0.0.0)
  remote: http://packages.wylesight.ws/api/odata
  specs:
    Trackwane.Framework.Common (1.0.0.45)
      FluentValidation (>= 6.1.0.0)
      Geo (>= 0.14.0)
      Paramore.Brighter.CommandProcessor (>= 5.0.323)
      RavenDB.Client (>= 3.0.30037)
    Trackwane.Framework.Dependencies (1.0.0.45)
      FluentValidation (>= 6.1.0.0)
      Geo (>= 0.14.0)
      NLog (>= 4.2.3)
      Paramore.Brighter.CommandProcessor (>= 5.0.323)
      RavenDB.Client (>= 3.0.30037)
      structuremap (>= 4.0.1.318)
    Trackwane.Framework.Events (1.0.0.45)
      Geo (>= 0.14.0)
      Paramore.Brighter.CommandProcessor (>= 5.0.323)
    Trackwane.Framework.Fixtures (1.0.0.45)
      Faker (>= 1.2)
      FluentValidation (>= 6.1.0.0)
      Geo (>= 0.14.0)
      NLog (>= 4.2.3)
      Paramore.Brighter.CommandProcessor (>= 5.0.323)
      RavenDB.Client (>= 3.0.30037)
      RestSharp (>= 105.2.3)
      Shouldly (>= 2.6.0)
      structuremap (>= 4.0.1.318)
    Trackwane.Framework.Infrastructure (1.0.0.45)
      FluentValidation (>= 6.1.0.0)
      Geo (>= 0.14.0)
      NLog (>= 4.2.3)
      Paramore.Brighter.CommandProcessor (>= 5.0.323)
      RavenDB.Client (>= 3.0.30037)
      structuremap (>= 4.0.1.318)
    Trackwane.Framework.Web (1.0.0.45)
      Microsoft.AspNet.Mvc (>= 5.2.3)
      Microsoft.AspNet.WebApi (>= 5.2.3)
      StructureMap.WebApi2 (>= 3.0.4.125)
